GEM
  remote: https://rubygems.org/
  specs:
    abstract_type (0.0.7)
    activesupport (5.2.6)
      concurrent-ruby (~> 1.0, >= 1.0.2)
      i18n (>= 0.7, < 2)
      minitest (~> 5.1)
      tzinfo (~> 1.1)
    adamantium (0.2.0)
      ice_nine (~> 0.11.0)
      memoizable (~> 0.4.0)
    addressable (2.8.0)
      public_suffix (>= 2.0.2, < 5.0)
    ast (2.3.0)
    concord (0.1.5)
      adamantium (~> 0.2.0)
      equalizer (~> 0.0.9)
    concurrent-ruby (1.1.9)
    coveralls (0.8.19)
      json (>= 1.8, < 3)
      simplecov (~> 0.12.0)
      term-ansicolor (~> 1.3)
      thor (~> 0.19.1)
      tins (~> 1.6)
    diff-lcs (1.3)
    docile (1.1.5)
    equalizer (0.0.11)
    faraday (1.5.0)
      faraday-em_http (~> 1.0)
      faraday-em_synchrony (~> 1.0)
      faraday-excon (~> 1.1)
      faraday-httpclient (~> 1.0.1)
      faraday-net_http (~> 1.0)
      faraday-net_http_persistent (~> 1.1)
      faraday-patron (~> 1.0)
      multipart-post (>= 1.2, < 3)
      ruby2_keywords (>= 0.0.4)
    faraday-em_http (1.0.0)
    faraday-em_synchrony (1.0.0)
    faraday-excon (1.1.0)
    faraday-httpclient (1.0.1)
    faraday-net_http (1.0.1)
    faraday-net_http_persistent (1.1.0)
    faraday-patron (1.0.0)
    faraday_middleware (1.0.0)
      faraday (~> 1.0)
    gh (0.18.0)
      activesupport (~> 5.0)
      addressable (~> 2.4)
      faraday (~> 1.0)
      faraday_middleware (~> 1.0)
      multi_json (~> 1.0)
      net-http-persistent (~> 2.9)
      net-http-pipeline
    highline (2.0.3)
    i18n (1.8.10)
      concurrent-ruby (~> 1.0)
    ice_nine (0.11.2)
    json (2.5.1)
    json_pure (2.5.1)
    launchy (2.4.3)
      addressable (~> 2.3)
    memoizable (0.4.2)
      thread_safe (~> 0.3, >= 0.3.1)
    minitest (5.14.4)
    multi_json (1.15.0)
    multipart-post (2.1.1)
    net-http-persistent (2.9.4)
    net-http-pipeline (1.0.1)
    parser (2.2.3.0)
      ast (>= 1.1, < 3.0)
    preek (1.6.0)
      reek (~> 1.5.1)
      thor (~> 0.18)
    procto (0.0.3)
    public_suffix (4.0.6)
    pusher-client (0.6.2)
      json
      websocket (~> 1.0)
    rainbow (2.2.1)
    rake (13.0.1)
    reek (1.5.1)
      parser (~> 2.2.0.pre.7)
      rainbow (>= 1.99, < 3.0)
      unparser (~> 0.1.16)
    rspec (3.5.0)
      rspec-core (~> 3.5.0)
      rspec-expectations (~> 3.5.0)
      rspec-mocks (~> 3.5.0)
    rspec-core (3.5.4)
      rspec-support (~> 3.5.0)
    rspec-expectations (3.5.0)
      diff-lcs (>= 1.2.0, < 2.0)
      rspec-support (~> 3.5.0)
    rspec-mocks (3.5.0)
      diff-lcs (>= 1.2.0, < 2.0)
      rspec-support (~> 3.5.0)
    rspec-support (3.5.0)
    ruby2_keywords (0.0.4)
    simplecov (0.12.0)
      docile (~> 1.1.0)
      json (>= 1.8, < 3)
      simplecov-html (~> 0.10.0)
    simplecov-html (0.10.0)
    term-ansicolor (1.4.0)
      tins (~> 1.0)
    thor (0.19.4)
    thread_safe (0.3.6)
    tins (1.13.0)
    travis (1.10.0)
      faraday (~> 1.0)
      faraday_middleware (~> 1.0)
      gh (~> 0.13)
      highline (~> 2.0)
      json_pure (~> 2.3)
      launchy (~> 2.1, < 2.5.0)
      pusher-client (~> 0.4)
    tzinfo (1.2.9)
      thread_safe (~> 0.1)
    unparser (0.1.16)
      abstract_type (~> 0.0.7)
      adamantium (~> 0.2.0)
      concord (~> 0.1.5)
      equalizer (~> 0.0.9)
      parser (~> 2.2.0.pre.7)
      procto (~> 0.0.2)
    websocket (1.2.9)

PLATFORMS
  ruby

DEPENDENCIES
  coveralls
  preek
  rake (>= 12.3.3)
  reek
  rspec
  travis (>= 1.8.11)

BUNDLED WITH
   1.17.3
